GIT
  remote: https://github.com/DFE-Digital/dfe-analytics.git
  revision: 528b82c6f694d3c23b3b23882a20124a20e1c756
  tag: v1.8.1
  specs:
    dfe-analytics (1.8.1)
      google-cloud-bigquery (~> 1.38)
      request_store_rails (~> 2)

GIT
  remote: https://github.com/DFE-Digital/get-into-teaching-api-ruby-client.git
  revision: 6619b0f9e00db68618deb05ef493930d2dff3b5d
  specs:
    get_into_teaching_api_client (3.3.0)
      faraday (~> 1.0, >= 1.0.1)
    get_into_teaching_api_client_faraday (3.3.0)
      activesupport
      faraday
      faraday-encoding
      faraday-http-cache
      faraday_middleware
      faraday_middleware-circuit_breaker
      get_into_teaching_api_client

GIT
  remote: https://github.com/DFE-Digital/get-into-teaching-wizard.git
  revision: 590da16f18d63d4008b60f640aa81676b3db57dc
  specs:
    git_wizard (2.1.0)
      activemodel (>= 6.0.3.4)
      activesupport (>= 6.0.3.4)

GIT
  remote: https://github.com/mitsuru/validates_timeliness.git
  revision: f28a62589cc069d1d1f5dfd99e1749edca04cd68
  branch: rails7
  specs:
    validates_timeliness (6.0.0.beta2)
      activemodel (>= 6.0.0, < 7.1)
      timeliness (>= 0.3.10, < 1)

GEM
  remote: https://rubygems.org/
  specs:
    actioncable (7.0.3)
      actionpack (= 7.0.3)
      activesupport (= 7.0.3)
      nio4r (~> 2.0)
      websocket-driver (>= 0.6.1)
    actionmailbox (7.0.3)
      actionpack (= 7.0.3)
      activejob (= 7.0.3)
      activerecord (= 7.0.3)
      activestorage (= 7.0.3)
      activesupport (= 7.0.3)
      mail (>= 2.7.1)
      net-imap
      net-pop
      net-smtp
    actionmailer (7.0.3)
      actionpack (= 7.0.3)
      actionview (= 7.0.3)
      activejob (= 7.0.3)
      activesupport (= 7.0.3)
      mail (~> 2.5, >= 2.5.4)
      net-imap
      net-pop
      net-smtp
      rails-dom-testing (~> 2.0)
    actionpack (7.0.3)
      actionview (= 7.0.3)
      activesupport (= 7.0.3)
      rack (~> 2.0, >= 2.2.0)
      rack-test (>= 0.6.3)
      rails-dom-testing (~> 2.0)
      rails-html-sanitizer (~> 1.0, >= 1.2.0)
    actionpack-cloudfront (1.2.0)
      actionpack (>= 4.2)
      railties (>= 4.2)
    actiontext (7.0.3)
      actionpack (= 7.0.3)
      activerecord (= 7.0.3)
      activestorage (= 7.0.3)
      activesupport (= 7.0.3)
      globalid (>= 0.6.0)
      nokogiri (>= 1.8.5)
    actionview (7.0.3)
      activesupport (= 7.0.3)
      builder (~> 3.1)
      erubi (~> 1.4)
      rails-dom-testing (~> 2.0)
      rails-html-sanitizer (~> 1.1, >= 1.2.0)
    activejob (7.0.3)
      activesupport (= 7.0.3)
      globalid (>= 0.3.6)
    activemodel (7.0.3)
      activesupport (= 7.0.3)
    activerecord (7.0.3)
      activemodel (= 7.0.3)
      activesupport (= 7.0.3)
    activestorage (7.0.3)
      actionpack (= 7.0.3)
      activejob (= 7.0.3)
      activerecord (= 7.0.3)
      activesupport (= 7.0.3)
      marcel (~> 1.0)
      mini_mime (>= 1.1.0)
    activesupport (7.0.3)
      concurrent-ruby (~> 1.0, >= 1.0.2)
      i18n (>= 1.6, < 2)
      minitest (>= 5.1)
      tzinfo (~> 2.0)
    addressable (2.8.4)
      public_suffix (>= 2.0.2, < 6.0)
    amazing_print (1.4.0)
    ast (2.4.2)
    bindex (0.8.1)
    bootsnap (1.16.0)
      msgpack (~> 1.2)
    brakeman (5.4.1)
    builder (3.2.4)
    byebug (11.1.3)
    canonical-rails (0.2.14)
      rails (>= 4.1, <= 7.1)
    capybara (3.38.0)
      addressable
      matrix
      mini_mime (>= 0.1.3)
      nokogiri (~> 1.8)
      rack (>= 1.6.0)
      rack-test (>= 0.6.3)
      regexp_parser (>= 1.5, < 3.0)
      xpath (~> 3.2)
    coderay (1.1.3)
    concurrent-ruby (1.2.2)
    connection_pool (2.4.0)
    crack (0.4.5)
      rexml
    crass (1.0.6)
    date (3.3.3)
    declarative (0.0.20)
    diff-lcs (1.5.0)
    docile (1.4.0)
    dotenv (2.8.1)
    dotenv-rails (2.8.1)
      dotenv (= 2.8.1)
      railties (>= 3.2)
    erubi (1.12.0)
    factory_bot (6.2.0)
      activesupport (>= 5.0.0)
    factory_bot_rails (6.2.0)
      factory_bot (~> 6.2.0)
      railties (>= 5.0.0)
    faraday (1.10.3)
      faraday-em_http (~> 1.0)
      faraday-em_synchrony (~> 1.0)
      faraday-excon (~> 1.1)
      faraday-httpclient (~> 1.0)
      faraday-multipart (~> 1.0)
      faraday-net_http (~> 1.0)
      faraday-net_http_persistent (~> 1.0)
      faraday-patron (~> 1.0)
      faraday-rack (~> 1.0)
      faraday-retry (~> 1.0)
      ruby2_keywords (>= 0.0.4)
    faraday-em_http (1.0.0)
    faraday-em_synchrony (1.0.0)
    faraday-encoding (0.0.5)
      faraday
    faraday-excon (1.1.0)
    faraday-http-cache (2.5.0)
      faraday (>= 0.8)
    faraday-httpclient (1.0.1)
    faraday-multipart (1.0.4)
      multipart-post (~> 2)
    faraday-net_http (1.0.1)
    faraday-net_http_persistent (1.2.0)
    faraday-patron (1.0.0)
    faraday-rack (1.0.0)
    faraday-retry (1.0.3)
    faraday_middleware (1.2.0)
      faraday (~> 1.0)
    faraday_middleware-circuit_breaker (0.5.0)
      faraday (>= 0.9, < 2.0)
      stoplight (>= 2.1, < 4.0)
    ffi (1.15.5)
    foreman (0.87.2)
    globalid (1.0.1)
      activesupport (>= 5.0)
    google-apis-bigquery_v2 (0.51.0)
      google-apis-core (>= 0.11.0, < 2.a)
    google-apis-core (0.11.0)
      addressable (~> 2.5, >= 2.5.1)
      googleauth (>= 0.16.2, < 2.a)
      httpclient (>= 2.8.1, < 3.a)
      mini_mime (~> 1.0)
      representable (~> 3.0)
      retriable (>= 2.0, < 4.a)
      rexml
      webrick
    google-cloud-bigquery (1.42.0)
      concurrent-ruby (~> 1.0)
      google-apis-bigquery_v2 (~> 0.1)
      google-cloud-core (~> 1.6)
      googleauth (>= 0.16.2, < 2.a)
      mini_mime (~> 1.0)
    google-cloud-core (1.6.0)
      google-cloud-env (~> 1.0)
      google-cloud-errors (~> 1.0)
    google-cloud-env (1.6.0)
      faraday (>= 0.17.3, < 3.0)
    google-cloud-errors (1.3.1)
    googleauth (1.5.2)
      faraday (>= 0.17.3, < 3.a)
      jwt (>= 1.4, < 3.0)
      memoist (~> 0.16)
      multi_json (~> 1.11)
      os (>= 0.9, < 2.0)
      signet (>= 0.16, < 2.a)
    govuk_design_system_formbuilder (3.3.0)
      actionview (>= 6.1)
      activemodel (>= 6.1)
      activesupport (>= 6.1)
      html-attributes-utils (~> 0.9, >= 0.9.2)
    hashdiff (1.0.1)
    html-attributes-utils (0.9.2)
      activesupport (>= 6.1.4.4)
    htmlentities (4.3.4)
    httpclient (2.8.3)
    i18n (1.13.0)
      concurrent-ruby (~> 1.0)
    invisible_captcha (2.0.0)
      rails (>= 5.0)
    iso_country_codes (0.7.8)
    json (2.6.2)
    jwt (2.7.0)
    listen (3.8.0)
      rb-fsevent (~> 0.10, >= 0.10.3)
      rb-inotify (~> 0.9, >= 0.9.10)
    loofah (2.20.0)
      crass (~> 1.0.2)
      nokogiri (>= 1.5.9)
    mail (2.7.1)
      mini_mime (>= 0.1.1)
    marcel (1.0.2)
    matrix (0.4.2)
    memoist (0.16.2)
    method_source (1.0.0)
    mini_mime (1.1.2)
    mini_portile2 (2.8.2)
    minitest (5.18.0)
    msgpack (1.6.0)
    multi_json (1.15.0)
    multipart-post (2.3.0)
    net-imap (0.3.4)
      date
      net-protocol
    net-pop (0.1.2)
      net-protocol
    net-protocol (0.2.1)
      timeout
    net-smtp (0.3.3)
      net-protocol
    nio4r (2.5.8)
    nokogiri (1.14.3)
      mini_portile2 (~> 2.8.0)
      racc (~> 1.4)
    os (1.1.4)
    parallel (1.22.1)
    parser (3.1.3.0)
      ast (~> 2.4.1)
    pg (1.5.3)
    prometheus-client (4.1.0)
    pry (0.14.1)
      coderay (~> 1.1)
      method_source (~> 1.0)
    pry-byebug (3.10.1)
      byebug (~> 11.0)
      pry (>= 0.13, < 0.15)
    public_suffix (5.0.1)
    puma (6.0.0)
      nio4r (~> 2.0)
    racc (1.6.2)
    rack (2.2.7)
    rack-attack (6.6.1)
      rack (>= 1.0, < 3)
    rack-cors (2.0.0)
      rack (>= 2.0.0)
    rack-proxy (0.7.6)
      rack
    rack-test (2.1.0)
      rack (>= 1.3)
    rails (7.0.3)
      actioncable (= 7.0.3)
      actionmailbox (= 7.0.3)
      actionmailer (= 7.0.3)
      actionpack (= 7.0.3)
      actiontext (= 7.0.3)
      actionview (= 7.0.3)
      activejob (= 7.0.3)
      activemodel (= 7.0.3)
      activerecord (= 7.0.3)
      activestorage (= 7.0.3)
      activesupport (= 7.0.3)
      bundler (>= 1.15.0)
      railties (= 7.0.3)
    rails-dom-testing (2.0.3)
      activesupport (>= 4.2.0)
      nokogiri (>= 1.6)
    rails-html-sanitizer (1.5.0)
      loofah (~> 2.19, >= 2.19.1)
    rails_semantic_logger (4.12.0)
      rack
      railties (>= 5.1)
      semantic_logger (~> 4.13)
    railties (7.0.3)
      actionpack (= 7.0.3)
      activesupport (= 7.0.3)
      method_source
      rake (>= 12.2)
      thor (~> 1.0)
      zeitwerk (~> 2.5)
    rainbow (3.1.1)
    rake (13.0.6)
    rb-fsevent (0.11.2)
    rb-inotify (0.10.1)
      ffi (~> 1.0)
    redis (4.8.1)
    redlock (1.3.2)
      redis (>= 3.0.0, < 6.0)
    regexp_parser (2.6.1)
    representable (3.2.0)
      declarative (< 0.1.0)
      trailblazer-option (>= 0.1.1, < 0.2.0)
      uber (< 0.2.0)
    request_store_rails (2.0.0)
      concurrent-ruby (~> 1.0)
    retriable (3.1.2)
    rexml (3.2.5)
    rspec (3.12.0)
      rspec-core (~> 3.12.0)
      rspec-expectations (~> 3.12.0)
      rspec-mocks (~> 3.12.0)
    rspec-core (3.12.2)
      rspec-support (~> 3.12.0)
    rspec-expectations (3.12.3)
      diff-lcs (>= 1.2.0, < 2.0)
      rspec-support (~> 3.12.0)
    rspec-mocks (3.12.5)
      diff-lcs (>= 1.2.0, < 2.0)
      rspec-support (~> 3.12.0)
    rspec-rails (6.0.3)
      actionpack (>= 6.1)
      activesupport (>= 6.1)
      railties (>= 6.1)
      rspec-core (~> 3.12)
      rspec-expectations (~> 3.12)
      rspec-mocks (~> 3.12)
      rspec-support (~> 3.12)
    rspec-sonarqube-formatter (1.5.0)
      htmlentities (~> 4.3.3)
      rspec (~> 3.0)
    rspec-support (3.12.0)
    rubocop (1.39.0)
      json (~> 2.3)
      parallel (~> 1.10)
      parser (>= 3.1.2.1)
      rainbow (>= 2.2.2, < 4.0)
      regexp_parser (>= 1.8, < 3.0)
      rexml (>= 3.2.5, < 4.0)
      rubocop-ast (>= 1.23.0, < 2.0)
      ruby-progressbar (~> 1.7)
      unicode-display_width (>= 1.4.0, < 3.0)
    rubocop-ast (1.23.0)
      parser (>= 3.1.1.0)
    rubocop-govuk (4.9.0)
      rubocop (= 1.39.0)
      rubocop-ast (= 1.23.0)
      rubocop-rails (= 2.17.3)
      rubocop-rake (= 0.6.0)
      rubocop-rspec (= 2.15.0)
    rubocop-rails (2.17.3)
      activesupport (>= 4.2.0)
      rack (>= 1.1)
      rubocop (>= 1.33.0, < 2.0)
    rubocop-rake (0.6.0)
      rubocop (~> 1.0)
    rubocop-rspec (2.15.0)
      rubocop (~> 1.33)
    ruby-progressbar (1.11.0)
    ruby2_keywords (0.0.5)
    rubyzip (2.3.2)
    sass (3.7.4)
      sass-listen (~> 4.0.0)
    sass-listen (4.0.0)
      rb-fsevent (~> 0.9, >= 0.9.4)
      rb-inotify (~> 0.9, >= 0.9.7)
    scss_lint (0.59.0)
      sass (~> 3.5, >= 3.5.5)
    scss_lint-govuk (0.2.0)
      scss_lint
    secure_headers (6.5.0)
    selenium-webdriver (4.7.1)
      rexml (~> 3.2, >= 3.2.5)
      rubyzip (>= 1.2.2, < 3.0)
      websocket (~> 1.0)
    semantic_logger (4.13.0)
      concurrent-ruby (~> 1.0)
    semantic_range (3.0.0)
    sentry-rails (5.9.0)
      railties (>= 5.0)
      sentry-ruby (~> 5.9.0)
    sentry-ruby (5.9.0)
      concurrent-ruby (~> 1.0, >= 1.0.2)
    shakapacker (6.6.0)
      activesupport (>= 5.2)
      rack-proxy (>= 0.6.1)
      railties (>= 5.2)
      semantic_range (>= 2.3.0)
    shoulda-matchers (5.3.0)
      activesupport (>= 5.2.0)
    signet (0.17.0)
      addressable (~> 2.8)
      faraday (>= 0.17.5, < 3.a)
      jwt (>= 1.5, < 3.0)
      multi_json (~> 1.10)
    simplecov (0.22.0)
      docile (~> 1.1)
      simplecov-html (~> 0.11)
      simplecov_json_formatter (~> 0.1)
    simplecov-html (0.12.3)
    simplecov_json_formatter (0.1.4)
    spring (4.1.0)
    spring-watcher-listen (2.1.0)
      listen (>= 2.7, < 4.0)
      spring (>= 4)
    stoplight (3.0.1)
      redlock (~> 1.0)
    thor (1.2.1)
    timeliness (0.4.4)
    timeout (0.3.1)
    trailblazer-option (0.1.2)
    tzinfo (2.0.6)
      concurrent-ruby (~> 1.0)
    uber (0.1.0)
    unicode-display_width (2.3.0)
    vcr (6.1.0)
    web-console (4.2.0)
      actionview (>= 6.0.0)
      activemodel (>= 6.0.0)
      bindex (>= 0.4.0)
      railties (>= 6.0.0)
    webmock (3.18.1)
      addressable (>= 2.8.0)
      crack (>= 0.3.2)
      hashdiff (>= 0.4.0, < 2.0.0)
    webrick (1.8.1)
    websocket (1.2.9)
    websocket-driver (0.7.5)
      websocket-extensions (>= 0.1.0)
    websocket-extensions (0.1.5)
    xpath (3.2.0)
      nokogiri (~> 1.8)
    zeitwerk (2.6.8)

PLATFORMS
  ruby

DEPENDENCIES
  actionpack-cloudfront
  amazing_print
  bootsnap (>= 1.10.3)
  brakeman
  byebug
  canonical-rails
  capybara (~> 3.38)
  connection_pool
  dfe-analytics!
  dotenv-rails
  factory_bot_rails
  foreman
  get_into_teaching_api_client_faraday!
  git_wizard!
  govuk_design_system_formbuilder
  invisible_captcha
  iso_country_codes
  listen (>= 3.7.1, < 3.9)
  net-imap
  net-pop
  net-smtp
  pg
  prometheus-client
  pry-byebug
  puma (~> 6.0)
  rack-attack
  rack-cors
  rails (~> 7.0.3)
  rails_semantic_logger (>= 4.10.0)
  redis (~> 4.8.1)
  rspec-rails (~> 6.0.3)
  rspec-sonarqube-formatter (~> 1.5)
  rubocop-govuk
  scss_lint-govuk
  secure_headers
  selenium-webdriver
  sentry-rails
  sentry-ruby
  shakapacker (= 6.6.0)
  shoulda-matchers
  simplecov (~> 0.22.0)
  spring
  spring-watcher-listen (~> 2.1.0)
  tzinfo-data
  validates_timeliness!
  vcr
  web-console (>= 4.2.0)
  webmock

RUBY VERSION
   ruby 3.1.2p20

BUNDLED WITH
   2.3.4
